GEM
  remote: https://rubygems.org/
  specs:
    docile (1.1.5)
    json (2.0.2)
    metaclass (0.0.4)
    minitest (5.9.1)
    mocha (1.2.1)
      metaclass (~> 0.0.1)
    rx (0.0.3)
    simplecov (0.12.0)
      docile (~> 1.1.0)
      json (>= 1.8, < 3)
      simplecov-html (~> 0.10.0)
    simplecov-html (0.10.0)

PLATFORMS
  ruby

DEPENDENCIES
  minitest
  mocha
  rx
  simplecov

BUNDLED WITH
   1.11.2
